GEM
  remote: https://rubygems.org/
  specs:
    ProMotion (2.0.1)
      methadone (~> 1.4)
    bubble-wrap (1.7.1)
      bubble-wrap-http (= 1.7.1)
    bubble-wrap-http (1.7.1)
    dbt (1.1.5)
    methadone (1.8.0)
      bundler
    motion-kit (0.15.0)
      dbt (~> 1.1.5)
    rake (10.3.2)
    sugarcube (2.11.0)

PLATFORMS
  ruby

DEPENDENCIES
  ProMotion (~> 2.0.0)
  bubble-wrap (~> 1.7.1)
  motion-kit
  rake
  sugarcube
